GEM
  remote: http://rubygems.org/
  specs:
    haml (4.0.5)
      tilt
    kramdown (1.3.1)
    tilt (2.0.0)

PLATFORMS
  ruby

DEPENDENCIES
  haml
  kramdown
