GEM
  remote: http://rubygems.org/
  specs:
    haml (4.0.5)
      tilt
    kramdown (1.3.1)
    mini_portile (0.5.2)
    nokogiri (1.6.1)
      mini_portile (~> 0.5.0)
    tilt (2.0.0)

PLATFORMS
  ruby

DEPENDENCIES
  haml
  kramdown
  nokogiri
